GEM
  remote: http://rubygems.org/
  specs:
    creditcard (1.0)
    git (1.2.5)
    jeweler (1.5.1)
      bundler (~> 1.0.0)
      git (>= 1.2.5)
      rake
    pg_creditcard (0.1.0)
      creditcard
    rake (0.8.7)
    rcov (0.9.9)

PLATFORMS
  ruby

DEPENDENCIES
  bundler (~> 1.0.0)
  jeweler (~> 1.5.1)
  pg_creditcard
  rcov
