GEM
  remote: http://rubygems.org/
  specs:
    builder (3.0.0)
    crack (0.1.8)
    creditcard (1.0)
    git (1.2.5)
    jeweler (1.5.1)
      bundler (~> 1.0.0)
      git (>= 1.2.5)
      rake
    pg_creditcard (0.1.0)
      creditcard
    pg_serializer (0.1.0)
      builder
    rake (0.8.7)
    rcov (0.9.9)

PLATFORMS
  ruby

DEPENDENCIES
  bundler (~> 1.0.0)
  crack
  jeweler (~> 1.5.1)
  pg_creditcard
  pg_serializer
  rcov
